GEM
  remote: http://rubygems.org/
  specs:
    git (1.2.5)
    httparty (0.8.1)
      multi_json
      multi_xml
    jeweler (1.6.4)
      bundler (~> 1.0)
      git (>= 1.2.5)
      rake
    json (1.6.5)
    multi_json (1.0.4)
    multi_xml (0.4.1)
    rake (0.9.2.2)
    rcov (1.0.0)
    shoulda (2.11.3)

PLATFORMS
  ruby

DEPENDENCIES
  bundler (~> 1.0.0)
  httparty
  jeweler (~> 1.6.4)
  json
  rcov
  shoulda
